PATH
  remote: .
  specs:
    observer_impl (0.1.0)

GEM
  remote: https://rubygems.org/
  specs:
    data_error (3.0.0)
      data_error_impl (~> 3)
      data_error_int (~> 3)
    data_error_impl (3.0.0)
    data_error_int (3.0.0)
    data_impl (0.2.0)
    data_int (0.2.0)
    data_library (0.2.0)
      data_error (~> 3)
      data_impl (~> 0)
      data_int (~> 0)
    data_structure_error (1.2.1)
    docile (1.3.2)
    minitest (5.14.0)
    node (4.2.0)
      node_impl (~> 3)
    node_adapter (0.1.1)
      node_adapter_impl (~> 0)
    node_adapter_impl (0.1.4)
    node_error (3.0.0)
      node_error_impl (~> 1.0.0)
      node_error_int (~> 1.0.0)
    node_error_impl (1.0.0)
      node_error_int (~> 1.0.0)
    node_error_int (1.0.0)
      data_structure_error (~> 1.2.0)
    node_impl (3.4.0)
      data_library (~> 0)
      node_adapter (~> 0)
      node_error (~> 3)
      node_int (~> 2)
    node_int (2.3.0)
    node_observer_impl (0.1.0)
    observer_int (0.1.0)
    rake (13.0.1)
    simplecov (0.18.5)
      docile (~> 1.1)
      simplecov-html (~> 0.11)
    simplecov-html (0.12.2)

PLATFORMS
  ruby

DEPENDENCIES
  bundler (~> 2.1)
  minitest (~> 5.0)
  node (~> 4)
  node_observer_impl (~> 0)
  observer_impl!
  observer_int (~> 0)
  rake (~> 13.0)
  simplecov (~> 0)

BUNDLED WITH
   2.1.2
