PATH
  remote: .
  specs:
    observer_impl (0.1.0)

GEM
  remote: https://rubygems.org/
  specs:
    docile (1.3.2)
    minitest (5.14.0)
    observer_int (0.1.0)
    rake (13.0.1)
    simplecov (0.18.5)
      docile (~> 1.1)
      simplecov-html (~> 0.11)
    simplecov-html (0.12.2)

PLATFORMS
  ruby

DEPENDENCIES
  bundler (~> 2.1)
  minitest (~> 5.0)
  observer_impl!
  observer_int (~> 0)
  rake (~> 13.0)
  simplecov (~> 0)

BUNDLED WITH
   2.1.2
